PATH
  remote: .
  specs:
    rspec-interactive (0.1.0)
      pry

GEM
  remote: https://rubygems.org/
  specs:
    coderay (1.1.3)
    method_source (1.0.0)
    pry (0.14.1)
      coderay (~> 1.1)
      method_source (~> 1.0)
    rspec-core (3.10.1)
      rspec-support (~> 3.10.0)
    rspec-support (3.10.2)

PLATFORMS
  x86_64-darwin-20

DEPENDENCIES
  pry
  rspec-core
  rspec-interactive!

BUNDLED WITH
   2.2.17
